PATH
  remote: .
  specs:
    ticker_fetcher (0.1.1)

GEM
  remote: http://rubygems.org/
  specs:
    ZenTest (4.6.0)
    archive-tar-minitar (0.5.2)
    autotest (4.4.6)
      ZenTest (>= 4.4.1)
    columnize (0.3.4)
    flexmock (0.9.0)
    linecache19 (0.5.12)
      ruby_core_source (>= 0.1.4)
    notifier (0.1.3)
    ruby-debug-base19 (0.11.25)
      columnize (>= 0.3.1)
      linecache19 (>= 0.5.11)
      ruby_core_source (>= 0.1.4)
    ruby-debug19 (0.11.6)
      columnize (>= 0.3.1)
      linecache19 (>= 0.5.11)
      ruby-debug-base19 (>= 0.11.19)
    ruby_core_source (0.1.5)
      archive-tar-minitar (>= 0.5.2)
    test_notifier (0.3.6)
      notifier

PLATFORMS
  ruby

DEPENDENCIES
  autotest
  flexmock (>= 0.8.2)
  ruby-debug19
  test_notifier
  ticker_fetcher!
